GEM
  remote: http://rubygems.org/
  specs:
    chunky_png (1.2.7)
    compass (0.12.2)
      chunky_png (~> 1.2)
      fssm (>= 0.2.7)
      sass (~> 3.1)
    fssm (0.2.10)
    sass (3.2.7)
    susy (1.0.8)
      compass (>= 0.12.2)
      sass (>= 3.2.0)

PLATFORMS
  ruby

DEPENDENCIES
  compass
  susy
